GIT
  remote: git://github.extendhealth.com/extend-health/build-support.git
  revision: 96f0adfb6bf508f1c476c0ca0cc9020eb60ade5a
  branch: master
  specs:
    EHBuild (0.0.1)
      albacore
      compass
      ffi (= 1.0.9)
      nokogiri
      rake (>= 0.9.2)
      rspec (= 2.7.0)
      watir-webdriver
      win32-process (= 0.6.6)
      yui-compressor

GEM
  remote: http://rubygems.org/
  specs:
    POpen4 (0.1.4)
      Platform (>= 0.4.0)
      open4
    Platform (0.4.0)
    addressable (2.3.2)
    albacore (0.3.4)
      rubyzip
    childprocess (0.3.6)
      ffi (~> 1.0, >= 1.0.6)
    chunky_png (1.2.7)
    compass (0.12.2)
      chunky_png (~> 1.2)
      fssm (>= 0.2.7)
      sass (~> 3.1)
    diff-lcs (1.1.3)
    ffi (1.0.9-x86-mingw32)
    fssm (0.2.9)
    libwebsocket (0.1.7.1)
      addressable
      websocket
    multi_json (1.5.0)
    nokogiri (1.5.6-x86-mingw32)
    open4 (1.3.0)
    rake (10.0.3)
    rspec (2.7.0)
      rspec-core (~> 2.7.0)
      rspec-expectations (~> 2.7.0)
      rspec-mocks (~> 2.7.0)
    rspec-core (2.7.1)
    rspec-expectations (2.7.0)
      diff-lcs (~> 1.1.2)
    rspec-mocks (2.7.0)
    rubyzip (0.9.9)
    sass (3.2.5)
    selenium-webdriver (2.27.2)
      childprocess (>= 0.2.5)
      libwebsocket (~> 0.1.3)
      multi_json (~> 1.0)
      rubyzip
    watir-webdriver (0.6.2)
      selenium-webdriver (>= 2.18.0)
    websocket (1.0.6)
    win32-api (1.4.8-x86-mingw32)
    win32-process (0.6.6)
      windows-pr (>= 1.2.2)
    windows-api (0.4.2)
      win32-api (>= 1.4.5)
    windows-pr (1.2.2)
      win32-api (>= 1.4.5)
      windows-api (>= 0.3.0)
    yui-compressor (0.9.6)
      POpen4 (>= 0.1.4)

PLATFORMS
  x86-mingw32

DEPENDENCIES
  EHBuild!
  albacore
  rake
